GIT
  remote: git://github.com/brynary/rack-test.git
  revision: 8153c07db7a96889ad22e2fb543c64548dfde2e5
  specs:
    rack-test (0.6.1)
      rack (>= 1.0)

PATH
  remote: .
  specs:
    crashlog (1.0.4)
      crashlog-auth-hmac (~> 1.1.6)
      faraday (~> 0.8.4)
      hashr
      json
      multi_json (>= 1.1.0)
      rabl (>= 0.6.13)
      uuid

GEM
  remote: http://rubygems.org/
  specs:
    activesupport (3.2.8)
      i18n (~> 0.6)
      multi_json (~> 1.0)
    chronic (0.6.7)
    crashlog-auth-hmac (1.1.6)
    delorean (2.0.0)
      chronic
    diff-lcs (1.1.3)
    faraday (0.8.4)
      multipart-post (~> 1.1)
    ffi (1.1.1)
    ffi (1.1.1-java)
    guard (1.2.3)
      listen (>= 0.4.2)
      thor (>= 0.14.6)
    guard-rspec (1.2.0)
      guard (>= 1.1)
    hashr (0.0.22)
    i18n (0.6.1)
    json (1.7.5)
    json (1.7.5-java)
    json_spec (1.0.3)
      multi_json (~> 1.0)
      rspec (~> 2.0)
    listen (0.4.7)
      rb-fchange (~> 0.0.5)
      rb-fsevent (~> 0.9.1)
      rb-inotify (~> 0.8.8)
    macaddr (1.6.1)
      systemu (~> 2.5.0)
    multi_json (1.3.7)
    multipart-post (1.1.5)
    rabl (0.7.6)
      activesupport (>= 2.3.14)
      multi_json (~> 1.0)
    rack (1.4.1)
    rake (0.9.2.2)
    rb-fchange (0.0.5)
      ffi
    rb-fsevent (0.9.1)
    rb-inotify (0.8.8)
      ffi (>= 0.5.0)
    rspec (2.11.0)
      rspec-core (~> 2.11.0)
      rspec-expectations (~> 2.11.0)
      rspec-mocks (~> 2.11.0)
    rspec-core (2.11.1)
    rspec-expectations (2.11.2)
      diff-lcs (~> 1.1.3)
    rspec-mocks (2.11.1)
    simplecov (0.6.4)
      multi_json (~> 1.0)
      simplecov-html (~> 0.5.3)
    simplecov-html (0.5.3)
    systemu (2.5.2)
    thor (0.15.4)
    uuid (2.3.5)
      macaddr (~> 1.0)

PLATFORMS
  java
  ruby

DEPENDENCIES
  crashlog!
  delorean
  guard-rspec
  json_spec
  rack-test!
  rake (~> 0.9.2)
  rspec
  simplecov
  uuid
